PATH
  remote: .
  specs:
    rayyan-formats-plugins (0.1.1)
      bibtex-ruby (~> 4.4)
      docx (~> 0.2.0)
      rayyan-formats-core (~> 0.1.0)
      ref_parsers (~> 0.0.1)

GEM
  remote: https://rubygems.org/
  specs:
    bibtex-ruby (4.4.3)
      latex-decode (~> 0.0)
    coderay (1.1.1)
    diff-lcs (1.3)
    docile (1.1.5)
    docx (0.2.07)
      nokogiri (~> 1.5)
      rubyzip (~> 1.1.6)
    json (2.0.4)
    latex-decode (0.2.2)
      unicode (~> 0.4)
    log4r (1.1.10)
    mini_portile2 (2.1.0)
    nokogiri (1.7.1)
      mini_portile2 (~> 2.1.0)
    nokogiri (1.7.1-x86-mingw32)
      mini_portile2 (~> 2.1.0)
    rake (0.9.6)
    rayyan-formats-core (0.1.3)
    ref_parsers (0.0.12)
    rspec (3.5.0)
      rspec-core (~> 3.5.0)
      rspec-expectations (~> 3.5.0)
      rspec-mocks (~> 3.5.0)
    rspec-core (3.5.4)
      rspec-support (~> 3.5.0)
    rspec-expectations (3.5.0)
      diff-lcs (>= 1.2.0, < 2.0)
      rspec-support (~> 3.5.0)
    rspec-mocks (3.5.0)
      diff-lcs (>= 1.2.0, < 2.0)
      rspec-support (~> 3.5.0)
    rspec-support (3.5.0)
    rubyzip (1.1.7)
    simplecov (0.14.1)
      docile (~> 1.1.0)
      json (>= 1.8, < 3)
      simplecov-html (~> 0.10.0)
    simplecov-html (0.10.0)
    unicode (0.4.4.4)
    unicode (0.4.4.4-x86-mingw32)

PLATFORMS
  ruby
  x86-mingw32

DEPENDENCIES
  bundler (~> 1.3)
  coderay (~> 1.1)
  log4r (~> 1.0)
  rake (~> 0)
  rayyan-formats-plugins!
  rspec (~> 3.5)
  simplecov (~> 0.14)

BUNDLED WITH
   1.14.6
